GEM
  remote: http://rubygems.org/
  specs:
    mail (2.7.1)
      mini_mime (>= 0.1.1)
    mini_mime (1.0.1)
    mustermann (1.0.3)
    pony (1.13)
      mail (>= 2.0)
    rack (2.0.6)
    rack-protection (2.0.5)
      rack
    redcarpet (3.4.0)
    sinatra (2.0.5)
      mustermann (~> 1.0)
      rack (~> 2.0)
      rack-protection (= 2.0.5)
      tilt (~> 2.0)
    tilt (2.0.9)

PLATFORMS
  ruby

DEPENDENCIES
  pony
  rack (>= 2.0.6)
  redcarpet
  sinatra (~> 2.0.2)

RUBY VERSION
   ruby 2.5.1p57

BUNDLED WITH
   1.16.2
